GEM
  remote: https://rubygems.org/
  specs:
    addressable (2.3.8)
    faraday (0.9.1)
      multipart-post (>= 1.2, < 3)
    faraday_middleware (0.9.2)
      faraday (>= 0.7.4, < 0.10)
    faraday_middleware-parse_oj (0.3.0)
      faraday (~> 0.9.0)
      faraday_middleware (~> 0.9.1)
      oj (~> 2.0)
    giphy (2.0.2)
      faraday (~> 0.9)
      faraday_middleware (~> 0.9)
      faraday_middleware-parse_oj (~> 0.3)
      launchy (~> 2.4)
    launchy (2.4.3)
      addressable (~> 2.3)
    multipart-post (2.0.0)
    oj (2.12.12)

PLATFORMS
  ruby

DEPENDENCIES
  giphy
<<<<<<< HEAD

BUNDLED WITH
   1.10.6
=======
>>>>>>> bc88e0f8ff165aba002164d385edb7f0a1e2afc0
