GEM
  remote: https://rubygems.org/
  specs:
    addressable (2.3.8)
    asciiart (0.0.9)
      rainbow (= 2.0.0)
      rmagick (= 2.13.4)
    faraday (0.9.1)
      multipart-post (>= 1.2, < 3)
    faraday_middleware (0.9.2)
      faraday (>= 0.7.4, < 0.10)
    faraday_middleware-parse_oj (0.3.0)
      faraday (~> 0.9.0)
      faraday_middleware (~> 0.9.1)
      oj (~> 2.0)
    giphy (2.0.2)
      faraday (~> 0.9)
      faraday_middleware (~> 0.9)
      faraday_middleware-parse_oj (~> 0.3)
      launchy (~> 2.4)
    launchy (2.4.3)
      addressable (~> 2.3)
    mini_magick (4.2.10)
    multipart-post (2.0.0)
    oj (2.12.12)
    rainbow (2.0.0)
    rmagick (2.13.4)

PLATFORMS
  ruby

DEPENDENCIES
  asciiart
  giphy
  mini_magick

BUNDLED WITH
   1.10.6
